GEM
  remote: http://rubygems.org/
  specs:
    gemcutter (0.6.1)
    git (1.2.5)
    jeweler (1.4.0)
      gemcutter (>= 0.1.0)
      git (>= 1.2.5)
      rubyforge (>= 2.0.0)
    json_pure (1.4.6)
    rake (0.8.7)
    rspec (1.3.1)
    rubyforge (2.0.4)
      json_pure (>= 1.1.7)
    sqlite3-ruby (1.3.1)

PLATFORMS
  ruby

DEPENDENCIES
  jeweler (= 1.4.0)
  rake
  rspec (~> 1.3.1)
  sqlite3-ruby
